PATH
  remote: .
  specs:
    smeagol (0.5.4)
      OptionParser (~> 0.5.1)
      daemons (~> 1.1.0)
      gollum (~> 1.1.1)
      rack (>= 1.2.0)
      sinatra (~> 1.0)

GEM
  remote: http://rubygems.org/
  specs:
    OptionParser (0.5.1)
    albino (1.1.1)
    builder (2.1.2)
    capybara (0.3.9)
      culerity (>= 0.2.4)
      mime-types (>= 1.16)
      nokogiri (>= 1.3.3)
      rack (>= 1.3.4)
      rack-test (>= 0.5.4)
      selenium-webdriver (>= 0.0.3)
    sinatra
      rack (>= 1.3.4)
      rack-protection (>= 1.1.2)
      tilt (>= 1.3.3)
    cucumber (0.8.5)
      builder (~> 2.1.2)
      diff-lcs (~> 1.1.2)
      gherkin (~> 2.1.4)
      json_pure (~> 1.4.3)
      term-ansicolor (~> 1.0.4)
    culerity (0.2.12)
    daemons (1.1.0)
    diff-lcs (1.1.2)
    ffi (0.6.3)
      rake (>= 0.8.7)
    gherkin (2.1.5)
      trollop (~> 1.16.2)
    github-markup (0.5.3)
    gollum (1.1.1)
      albino (~> 1.1.1)
      github-markup (>= 0.4.0, < 1.0.0)
      grit (~> 2.3)
      mustache (>= 0.11.2, < 1.0.0)
      nokogiri (~> 1.4)
      sanitize (~> 1.1)
      sinatra (~> 1.0)
    grit (2.4.1)
      diff-lcs (~> 1.1)
      mime-types (~> 1.15)
    json_pure (1.4.6)
    mime-types (1.16)
    minitest (1.7.1)
    mocha (0.9.8)
      rake
    mustache (0.12.0)
    nokogiri (1.4.3.1)
    rack (>= 1.3.4)
    rack-test (0.6.1)
      rack (>= 1.3.4)
    rake (0.8.7)
    rspec (1.3.0)
    rubyzip (0.9.4)
    sanitize (1.2.1)
      nokogiri (~> 1.4.1)
    selenium-webdriver (0.0.28)
      ffi (>= 0.6.1)
      json_pure
      rubyzip
    term-ansicolor (1.0.5)
    tilt (1.2.2)
    trollop (1.16.2)

PLATFORMS
  ruby

DEPENDENCIES
  capybara (~> 0.3.9)
  cucumber (~> 0.8.5)
  minitest (~> 1.7.0)
  mocha (~> 0.9.8)
  rake (~> 0.8.3)
  rspec (~> 1.3.0)
  smeagol!
